GEM
  remote: https://rubygems.org/
  specs:
    addressable (2.7.0)
      public_suffix (>= 2.0.2, < 5.0)
    ast (2.4.1)
    concurrent-ruby (1.1.7)
    deep_merge (1.2.1)
    diff-lcs (1.4.4)
    facter (4.0.44)
      hocon (~> 1.3)
      thor (>= 1.0.1, < 2.0)
    fast_gettext (1.8.0)
    hiera (3.6.0)
    hocon (1.3.1)
    httpclient (2.8.3)
    json-schema (2.8.1)
      addressable (>= 2.4)
    locale (2.1.3)
    metadata-json-lint (2.4.0)
      json-schema (~> 2.8)
      spdx-licenses (~> 1.0)
    mocha (1.11.2)
    multi_json (1.15.0)
    parallel (1.19.2)
    parser (2.7.2.0)
      ast (~> 2.4.1)
    pathspec (0.2.1)
    public_suffix (4.0.6)
    puppet (6.19.1)
      concurrent-ruby (~> 1.0)
      deep_merge (~> 1.0)
      facter (> 2.0.1, < 5)
      fast_gettext (~> 1.1)
      hiera (>= 3.2.1, < 4)
      httpclient (~> 2.8)
      locale (~> 2.1)
      multi_json (~> 1.10)
      puppet-resource_api (~> 1.5)
      semantic_puppet (~> 1.0)
    puppet-lint (2.4.2)
    puppet-resource_api (1.8.13)
      hocon (>= 1.0)
    puppet-syntax (3.1.0)
      puppet (>= 5)
      rake
    puppetlabs_spec_helper (2.15.0)
      mocha (~> 1.0)
      pathspec (~> 0.2.1)
      puppet-lint (~> 2.0)
      puppet-syntax (>= 2.0, < 4)
      rspec-puppet (~> 2.0)
    rainbow (3.0.0)
    rake (13.0.1)
    regexp_parser (1.8.2)
    rexml (3.2.4)
    rspec (3.9.0)
      rspec-core (~> 3.9.0)
      rspec-expectations (~> 3.9.0)
      rspec-mocks (~> 3.9.0)
    rspec-core (3.9.3)
      rspec-support (~> 3.9.3)
    rspec-expectations (3.9.3)
      diff-lcs (>= 1.2.0, < 2.0)
      rspec-support (~> 3.9.0)
    rspec-mocks (3.9.1)
      diff-lcs (>= 1.2.0, < 2.0)
      rspec-support (~> 3.9.0)
    rspec-puppet (2.7.10)
      rspec
    rspec-support (3.9.4)
    rubocop (1.0.0)
      parallel (~> 1.10)
      parser (>= 2.7.1.5)
      rainbow (>= 2.2.2, < 4.0)
      regexp_parser (>= 1.8)
      rexml
      rubocop-ast (>= 0.6.0)
      ruby-progressbar (~> 1.7)
      unicode-display_width (>= 1.4.0, < 2.0)
    rubocop-ast (1.1.0)
      parser (>= 2.7.1.5)
    ruby-progressbar (1.10.1)
    semantic_puppet (1.0.2)
    spdx-licenses (1.2.0)
    thor (1.0.1)
    unicode-display_width (1.7.0)

PLATFORMS
  ruby

DEPENDENCIES
  facter (>= 1.7.0)
  metadata-json-lint
  puppet (>= 3.3)
  puppet-lint (>= 1.0.0)
  puppetlabs_spec_helper (>= 1.2.0)
  rspec-puppet
  rubocop

BUNDLED WITH
   1.16.1
